PATH
  remote: .
  specs:
    vibe-if (0.1.1)
      openai (~> 0.19)

GEM
  remote: https://rubygems.org/
  specs:
    connection_pool (2.5.3)
    diff-lcs (1.6.2)
    openai (0.20.0)
      connection_pool
    rake (13.3.0)
    rspec (3.13.1)
      rspec-core (~> 3.13.0)
      rspec-expectations (~> 3.13.0)
      rspec-mocks (~> 3.13.0)
    rspec-core (3.13.5)
      rspec-support (~> 3.13.0)
    rspec-expectations (3.13.5)
      diff-lcs (>= 1.2.0, < 2.0)
      rspec-support (~> 3.13.0)
    rspec-mocks (3.13.5)
      diff-lcs (>= 1.2.0, < 2.0)
      rspec-support (~> 3.13.0)
    rspec-support (3.13.5)

PLATFORMS
  ruby

DEPENDENCIES
  rake (~> 13.0)
  rspec (~> 3.12)
  vibe-if!

BUNDLED WITH
   2.7.1
